PATH
  remote: .
  specs:
    fhir_models (0.3.0)

GEM
  remote: http://rubygems.org/
  specs:
    ansi (1.5.0)
    awesome_print (1.6.1)
    bcp47 (0.3.3)
      i18n
    coderay (1.1.1)
    date_time_precision (0.8.0)
    docile (1.1.5)
    i18n (0.7.0)
    json (1.8.3)
    method_source (0.8.2)
    mime-types (2.99.1)
    mini_portile2 (2.0.0)
    minitest (4.7.5)
    nokogiri (1.6.7.2)
      mini_portile2 (~> 2.0.0.rc2)
    nokogiri-diff (0.2.0)
      nokogiri (~> 1.5)
      tdiff (~> 0.3, >= 0.3.2)
    pry (0.10.3)
      coderay (~> 1.1.0)
      method_source (~> 0.8.1)
      slop (~> 3.4)
    rake (11.1.0)
    simplecov (0.11.2)
      docile (~> 1.1.0)
      json (~> 1.8)
      simplecov-html (~> 0.10.0)
    simplecov-html (0.10.0)
    slop (3.6.0)
    tdiff (0.3.3)
    turn (0.9.7)
      ansi
      minitest (~> 4)

PLATFORMS
  ruby

DEPENDENCIES
  awesome_print
  bcp47
  date_time_precision
  fhir_models!
  mime-types
  minitest (~> 4.0)
  nokogiri
  nokogiri-diff
  pry
  rake
  simplecov
  turn

BUNDLED WITH
   1.11.2
