PATH
  remote: .
  specs:
    fhir_models (1.6.2)
      bcp47 (>= 0.3)
      date_time_precision (>= 0.8)
      mime-types (>= 1.16, < 3)
      nokogiri (>= 1.6)
      rake (>= 0.8.7)

GEM
  remote: http://rubygems.org/
  specs:
    ansi (1.5.0)
    awesome_print (1.7.0)
    bcp47 (0.3.3)
      i18n
    coderay (1.1.1)
    date_time_precision (0.8.1)
    docile (1.1.5)
    i18n (0.7.0)
    json (2.0.2)
    method_source (0.8.2)
    mime-types (2.99.2)
    mini_portile2 (2.1.0)
    minitest (4.7.5)
    nokogiri (1.6.8)
      mini_portile2 (~> 2.1.0)
      pkg-config (~> 1.1.7)
    nokogiri-diff (0.2.0)
      nokogiri (~> 1.5)
      tdiff (~> 0.3, >= 0.3.2)
    pkg-config (1.1.7)
    pry (0.10.4)
      coderay (~> 1.1.0)
      method_source (~> 0.8.1)
      slop (~> 3.4)
    rake (11.2.2)
    simplecov (0.12.0)
      docile (~> 1.1.0)
      json (>= 1.8, < 3)
      simplecov-html (~> 0.10.0)
    simplecov-html (0.10.0)
    slop (3.6.0)
    tdiff (0.3.3)
    turn (0.9.7)
      ansi
      minitest (~> 4)

PLATFORMS
  ruby

DEPENDENCIES
  awesome_print
  fhir_models!
  minitest (~> 4.0)
  nokogiri-diff
  pry
  simplecov
  turn

BUNDLED WITH
   1.12.5
